GEM
  remote: http://rubygems.org/
  specs:
    addressable (2.3.6)
    awesome_print (1.2.0)
    aws-sdk (1.58.0)
      aws-sdk-v1 (= 1.58.0)
    aws-sdk-v1 (1.58.0)
      json (~> 1.4)
      nokogiri (>= 1.4.4)
    bloomfilter-rb (2.1.1)
      redis
    buftok (0.2.0)
    byebug (3.4.0)
      columnize (~> 0.8)
      debugger-linecache (~> 1.2)
      slop (~> 3.6)
    coderay (1.1.0)
    columnize (0.8.9)
    cookiejar (0.3.2)
    daemons (1.1.9)
    debugger-linecache (1.2.0)
    diff-lcs (1.2.5)
    em-http-request (1.0.3)
      addressable (>= 2.2.3)
      cookiejar
      em-socksify
      eventmachine (>= 1.0.0.beta.4)
      http_parser.rb (>= 0.5.3)
    em-socksify (0.3.0)
      eventmachine (>= 1.0.0.beta.4)
    em-twitter (0.3.3)
      buftok (~> 0.2)
      eventmachine (~> 1.0)
      http_parser.rb (~> 0.6)
      simple_oauth (~> 0.2)
    engtagger (0.2.0)
    eventmachine (1.0.3)
    faraday (0.9.0)
      multipart-post (>= 1.2, < 3)
    fast-stemmer (1.0.2)
    gingerice (1.2.2)
      addressable
      awesome_print
    highscore (1.2.0)
      bloomfilter-rb (>= 2.1.1)
      whatlanguage (>= 1.0.0)
    htmlentities (4.3.2)
    http_parser.rb (0.6.0)
    json (1.8.1)
    method_source (0.8.2)
    mini_portile (0.6.1)
    minitest (5.4.1)
    multi_json (1.10.1)
    multipart-post (2.0.0)
    nokogiri (1.6.4.1)
      mini_portile (~> 0.6.0)
    pry (0.10.1)
      coderay (~> 1.1.0)
      method_source (~> 0.8.1)
      slop (~> 3.4)
    pry-byebug (2.0.0)
      byebug (~> 3.4)
      pry (~> 0.10)
    redis (3.1.0)
    rspec (3.1.0)
      rspec-core (~> 3.1.0)
      rspec-expectations (~> 3.1.0)
      rspec-mocks (~> 3.1.0)
    rspec-core (3.1.2)
      rspec-support (~> 3.1.0)
    rspec-expectations (3.1.0)
      diff-lcs (>= 1.2.0, < 2.0)
      rspec-support (~> 3.1.0)
    rspec-mocks (3.1.0)
      rspec-support (~> 3.1.0)
    rspec-support (3.1.0)
    rufus-scheduler (3.0.9)
      tzinfo
    simple_oauth (0.2.0)
    slop (3.6.0)
    thread_safe (0.3.4)
    tweetstream (2.5.0)
      daemons (~> 1.1)
      em-http-request (~> 1.0.2)
      em-twitter (~> 0.2)
      twitter (~> 4.5)
      yajl-ruby (~> 1.1)
    twitter (4.8.1)
      faraday (~> 0.8, < 0.10)
      multi_json (~> 1.0)
      simple_oauth (~> 0.2)
    twitter_ebooks (2.2.6)
      engtagger
      fast-stemmer
      gingerice
      highscore
      htmlentities
      minitest
      rufus-scheduler
      tweetstream (= 2.5)
      twitter (~> 4.5)
    tzinfo (1.2.2)
      thread_safe (~> 0.1)
    whatlanguage (1.0.5)
    yajl-ruby (1.2.1)

PLATFORMS
  ruby

DEPENDENCIES
  aws-sdk
  pry-byebug
  rspec
  rspec-mocks
  tweetstream
  twitter
  twitter_ebooks
